GEM
  remote: https://rubygems.org/
  specs:
    coderay (1.1.3)
    diff-lcs (1.5.1)
    method_source (1.0.0)
    nokogiri (1.16.0.rc1-arm64-darwin)
      racc (~> 1.4)
    pry (0.14.2)
      coderay (~> 1.1)
      method_source (~> 1.0)
    racc (1.7.3)
    rspec (3.13.0)
      rspec-core (~> 3.13.0)
      rspec-expectations (~> 3.13.0)
      rspec-mocks (~> 3.13.0)
    rspec-core (3.13.0)
      rspec-support (~> 3.13.0)
    rspec-expectations (3.13.0)
      diff-lcs (>= 1.2.0, < 2.0)
      rspec-support (~> 3.13.0)
    rspec-mocks (3.13.0)
      diff-lcs (>= 1.2.0, < 2.0)
      rspec-support (~> 3.13.0)
    rspec-support (3.13.1)
    timecop (0.9.8)
    wavefile (1.1.2)

PLATFORMS
  arm64-darwin-21

DEPENDENCIES
  nokogiri (= 1.16.0.rc1)
  pry (~> 0.14.2)
  rspec (~> 3.0)
  timecop (~> 0.9)
  wavefile (~> 1.1, >= 1.1.2)

BUNDLED WITH
   2.3.19
